GEM
  remote: https://rubygems.org/
  specs:
    byebug (8.2.4)
    coderay (1.1.1)
    method_source (0.8.2)
    phashion (1.1.1)
    pry (0.10.3)
      coderay (~> 1.1.0)
      method_source (~> 0.8.1)
      slop (~> 3.4)
    pry-byebug (3.3.0)
      byebug (~> 8.0)
      pry (~> 0.10)
    rmagick (2.15.4)
    simple-graph (1.0.0)
    slop (3.6.0)

PLATFORMS
  ruby

DEPENDENCIES
  phashion
  pry-byebug
  rmagick
  simple-graph

BUNDLED WITH
   1.11.2
